GEM
  remote: https://rubygems.org/
  specs:
    addressable (2.3.6)
    capybara (2.1.0)
      mime-types (>= 1.16)
      nokogiri (>= 1.3.3)
      rack (>= 1.0.0)
      rack-test (>= 0.5.4)
      xpath (~> 2.0)
    capybara-mechanize (1.1.0)
      capybara (~> 2.1.0)
      mechanize (~> 2.7)
    capybara-webkit (1.1.1)
      capybara (>= 2.0.2, < 2.2.0)
      json
    diff-lcs (1.2.5)
    domain_name (0.5.16)
      unf (>= 0.0.5, < 1.0.0)
    http-cookie (1.0.2)
      domain_name (~> 0.5)
    json (1.8.1)
    mechanize (2.7.3)
      domain_name (~> 0.5, >= 0.5.1)
      http-cookie (~> 1.0)
      mime-types (~> 2.0)
      net-http-digest_auth (~> 1.1, >= 1.1.1)
      net-http-persistent (~> 2.5, >= 2.5.2)
      nokogiri (~> 1.4)
      ntlm-http (~> 0.1, >= 0.1.1)
      webrobots (>= 0.0.9, < 0.2)
    mime-types (2.1)
    mini_portile (0.5.2)
    mysql2 (0.3.15)
    net-http-digest_auth (1.4)
    net-http-persistent (2.9.4)
    nokogiri (1.6.1)
      mini_portile (~> 0.5.0)
    ntlm-http (0.1.1)
    rack (1.5.2)
    rack-test (0.6.2)
      rack (>= 1.0)
    rspec (2.14.1)
      rspec-core (~> 2.14.0)
      rspec-expectations (~> 2.14.0)
      rspec-mocks (~> 2.14.0)
    rspec-core (2.14.8)
    rspec-expectations (2.14.5)
      diff-lcs (>= 1.1.3, < 2.0)
    rspec-mocks (2.14.6)
    site_prism (2.6)
      addressable (~> 2.3.3)
      capybara (>= 2.1, < 3.0)
    syntax (1.2.0)
    unf (0.1.3)
      unf_ext
    unf_ext (0.0.6)
    webrobots (0.1.1)
    xpath (2.0.0)
      nokogiri (~> 1.3)

PLATFORMS
  ruby

DEPENDENCIES
  capybara
  capybara-mechanize
  capybara-webkit
  mysql2
  rspec
  site_prism
  syntax
